PATH
  remote: .
  specs:
    wtf_lang (0.4.0)
      json

GEM
  remote: https://rubygems.org/
  specs:
    addressable (2.2.6)
    crack (0.3.1)
    json (1.6.5)
    minitest (2.11.3)
    rake (0.9.2.2)
    vcr (1.10.0)
    webmock (1.7.6)
      addressable (~> 2.2, > 2.2.5)
      crack (>= 0.1.7)

PLATFORMS
  ruby

DEPENDENCIES
  minitest (~> 2.11.0)
  rake
  vcr
  webmock
  wtf_lang!
